GEM
  remote: http://rubygems.org/
  specs:
    diff-lcs (1.2.5)
    minitest (4.7.5)
    openstudio-standards (0.1.13)
    openstudio-workflow (1.2.1)
    parallel (1.10.0)
    rspec (3.5.0)
      rspec-core (~> 3.5.0)
      rspec-expectations (~> 3.5.0)
      rspec-mocks (~> 3.5.0)
    rspec-core (3.5.3)
      rspec-support (~> 3.5.0)
    rspec-expectations (3.5.0)
      diff-lcs (>= 1.2.0, < 2.0)
      rspec-support (~> 3.5.0)
    rspec-mocks (3.5.0)
      diff-lcs (>= 1.2.0, < 2.0)
      rspec-support (~> 3.5.0)
    rspec-support (3.5.0)
    test-unit-minitest (0.9.1)
      minitest (~> 4.7)

PLATFORMS
  ruby
  x64-mingw32
  x86-mingw32

DEPENDENCIES
  bundler (= 1.14.4)
  openstudio-standards (= 0.1.13)
  openstudio-workflow (= 1.2.1)
  parallel (= 1.10.0)
  rspec (= 3.5.0)
  test-unit-minitest (= 0.9.1)

BUNDLED WITH
   1.14.4
